GIT
  remote: git@github.com:followthewolf/artisan_engine_auth.git
  revision: b9dca85f86e575140c43eaedd8825e24c2f47816
  specs:
    artisan_engine_auth (0.0.1)
      artisan_engine_core
      devise (= 1.3.4)

GIT
  remote: git@github.com:followthewolf/artisan_engine_collectability.git
  revision: cd3462d9b6ebc9d6e0828ccea3ae37fb2e073214
  specs:
    artisan_engine_collectability (0.0.1)
      artisan_engine_core
      artisan_engine_listability

GIT
  remote: git@github.com:followthewolf/artisan_engine_commerce.git
  revision: e7d249dd2e55b81b33f46f7b36e9c644672ba2ce
  specs:
    artisan_engine_commerce (0.0.1)
      artisan_engine_catalog
      carmen (= 0.2.7)
      state_machine (= 1.0.0)

GIT
  remote: git@github.com:followthewolf/artisan_engine_core.git
  revision: be35be4a28b0e60c2ce8c07d575f150dcec64d7f
  specs:
    artisan_engine_core (0.0.1)
      barista (= 1.0.0)
      compass (= 0.11.1)
      friendly_id (= 3.2.1.1)
      haml (= 3.1.1)
      inherited_resources (= 1.2.2)
      jquery-rails (= 1.0)
      rails (= 3.0.7)
      rdiscount (= 1.6.8)

GIT
  remote: git@github.com:followthewolf/artisan_engine_guidability.git
  revision: 3c0c86da6c939066772198ad72057b8341ce7070
  specs:
    artisan_engine_guidability (0.0.1)
      artisan_engine_core
      artisan_engine_listability

GIT
  remote: git@github.com:followthewolf/artisan_engine_pages.git
  revision: 607087eeffc0683d46108d6d7ce3dbc7649bb41e
  specs:
    artisan_engine_pages (0.0.1)
      artisan_engine_core

PATH
  remote: .
  specs:
    artisan_engine (0.0.1)
      artisan_engine_auth
      artisan_engine_collectability
      artisan_engine_commerce
      artisan_engine_core
      artisan_engine_guidability
      artisan_engine_pages
    artisan_engine_attachability (0.0.1)
      artisan_engine_core
      artisan_engine_listability
    artisan_engine_attachments (0.0.1)
      artisan_engine_attachability
      artisan_engine_core
      dragonfly (= 0.9.1)
      fog (= 0.8.2)
    artisan_engine_catalog (0.0.1)
      artisan_engine_attachments
      artisan_engine_core
      artisan_engine_listability
      money (= 3.6.1)
    artisan_engine_listability (0.0.1)
      artisan_engine_core

GEM
  remote: http://rubygems.org/
  specs:
    abstract (1.0.0)
    actionmailer (3.0.7)
      actionpack (= 3.0.7)
      mail (~> 2.2.15)
    actionpack (3.0.7)
      activemodel (= 3.0.7)
      activesupport (= 3.0.7)
      builder (~> 2.1.2)
      erubis (~> 2.6.6)
      i18n (~> 0.5.0)
      rack (~> 1.2.1)
      rack-mount (~> 0.6.14)
      rack-test (~> 0.5.7)
      tzinfo (~> 0.3.23)
    activemodel (3.0.7)
      activesupport (= 3.0.7)
      builder (~> 2.1.2)
      i18n (~> 0.5.0)
    activerecord (3.0.7)
      activemodel (= 3.0.7)
      activesupport (= 3.0.7)
      arel (~> 2.0.2)
      tzinfo (~> 0.3.23)
    activeresource (3.0.7)
      activemodel (= 3.0.7)
      activesupport (= 3.0.7)
    activesupport (3.0.7)
    arel (2.0.10)
    babosa (0.3.4)
    barista (1.0.0)
      coffee-script (~> 2.1.1)
    bcrypt-ruby (2.1.4)
    builder (2.1.2)
    capybara (0.4.1.2)
      celerity (>= 0.7.9)
      culerity (>= 0.2.4)
      mime-types (>= 1.16)
      nokogiri (>= 1.3.3)
      rack (>= 1.0.0)
      rack-test (>= 0.5.4)
      selenium-webdriver (>= 0.0.27)
      xpath (~> 0.1.3)
    carmen (0.2.7)
    celerity (0.8.9)
    childprocess (0.1.9)
      ffi (~> 1.0.6)
    chunky_png (1.2.0)
    coffee-script (2.1.3)
      coffee-script-source
    coffee-script-source (1.1.1)
    compass (0.11.1)
      chunky_png (~> 1.1)
      fssm (>= 0.2.7)
      sass (~> 3.1)
    configuration (1.2.0)
    culerity (0.2.15)
    database_cleaner (0.6.7)
    devise (1.3.4)
      bcrypt-ruby (~> 2.1.2)
      orm_adapter (~> 0.0.3)
      warden (~> 1.0.3)
    diff-lcs (1.1.2)
    dragonfly (0.9.1)
      rack
      rack
    erubis (2.6.6)
      abstract (>= 1.0.0)
    excon (0.6.3)
    factory_girl (1.3.3)
    factory_girl_rails (1.0.1)
      factory_girl (~> 1.3)
      railties (>= 3.0.0)
    ffi (1.0.9)
    fog (0.8.2)
      builder
      excon (~> 0.6.1)
      formatador (>= 0.1.3)
      json
      mime-types
      net-ssh (>= 2.1.3)
      nokogiri (>= 1.4.4)
      ruby-hmac
    forgery (0.3.8)
      nokogiri (~> 1.4)
    formatador (0.1.4)
    friendly_id (3.2.1.1)
      babosa (~> 0.3.0)
    fssm (0.2.7)
    haml (3.1.1)
    has_scope (0.5.0)
    i18n (0.5.0)
    inherited_resources (1.2.2)
      has_scope (~> 0.5.0)
      responders (~> 0.6.0)
    jquery-rails (1.0)
      rails (~> 3.0)
      thor (~> 0.14)
    json (1.5.1)
    json_pure (1.5.1)
    launchy (0.4.0)
      configuration (>= 0.0.5)
      rake (>= 0.8.1)
    mail (2.2.19)
      activesupport (>= 2.3.6)
      i18n (>= 0.4.0)
      mime-types (~> 1.16)
      treetop (~> 1.4.8)
    mime-types (1.16)
    money (3.6.1)
      i18n (~> 0.4)
    net-ssh (2.1.4)
    nokogiri (1.4.4)
    orm_adapter (0.0.5)
    polyglot (0.3.1)
    rack (1.2.3)
    rack-mount (0.6.14)
      rack (>= 1.0.0)
    rack-test (0.5.7)
      rack (>= 1.0)
    rails (3.0.7)
      actionmailer (= 3.0.7)
      actionpack (= 3.0.7)
      activerecord (= 3.0.7)
      activeresource (= 3.0.7)
      activesupport (= 3.0.7)
      bundler (~> 1.0)
      railties (= 3.0.7)
    railties (3.0.7)
      actionpack (= 3.0.7)
      activesupport (= 3.0.7)
      rake (>= 0.8.7)
      thor (~> 0.14.4)
    rake (0.8.7)
    rdiscount (1.6.8)
    responders (0.6.4)
    rspec (2.5.0)
      rspec-core (~> 2.5.0)
      rspec-expectations (~> 2.5.0)
      rspec-mocks (~> 2.5.0)
    rspec-core (2.5.2)
    rspec-expectations (2.5.0)
      diff-lcs (~> 1.1.2)
    rspec-mocks (2.5.0)
    rspec-rails (2.5.0)
      actionpack (~> 3.0)
      activesupport (~> 3.0)
      railties (~> 3.0)
      rspec (~> 2.5.0)
    ruby-hmac (0.4.0)
    rubyzip (0.9.4)
    sass (3.1.1)
    selenium-webdriver (0.2.0)
      childprocess (>= 0.1.7)
      ffi (>= 1.0.7)
      json_pure
      rubyzip
    state_machine (1.0.0)
    steak (1.1.0)
      rspec (>= 1.3)
    thor (0.14.6)
    treetop (1.4.9)
      polyglot (>= 0.3.1)
    tzinfo (0.3.27)
    warden (1.0.4)
      rack (>= 1.0)
    xpath (0.1.4)
      nokogiri (~> 1.3)

PLATFORMS
  ruby

DEPENDENCIES
  artisan_engine!
  artisan_engine_auth!
  artisan_engine_collectability!
  artisan_engine_commerce!
  artisan_engine_core!
  artisan_engine_guidability!
  artisan_engine_pages!
  capybara (= 0.4.1.2)
  database_cleaner (= 0.6.7)
  factory_girl_rails (= 1.0.1)
  forgery (= 0.3.8)
  launchy (= 0.4.0)
  rake (~> 0.8.7)
  rspec-rails (= 2.5.0)
  steak (= 1.1.0)
